GEM
  remote: https://rubygems.org/
  specs:
    thor (0.18.1)
    trollop (2.0)

PLATFORMS
  x86-mingw32

DEPENDENCIES
  thor
  trollop (~> 2.0)
